GEM
  remote: http://rubygems.org/
  specs:
    coderay (1.1.0)
    json (1.8.0)
    method_source (0.8.2)
    nokogiri (1.5.10)
    posix-spawn (0.3.6)
    pry (0.10.1)
      coderay (~> 1.1.0)
      method_source (~> 0.8.1)
      slop (~> 3.4)
    pygments.rb (0.5.2)
      posix-spawn (~> 0.3.6)
      yajl-ruby (~> 1.1.0)
    redcarpet (2.3.0)
    slop (3.6.0)
    yajl-ruby (1.1.0)

PLATFORMS
  ruby

DEPENDENCIES
  json
  nokogiri (~> 1.5.10)
  pry
  pygments.rb
  redcarpet (~> 2.3.0)
